GIT
  remote: git://github.com/bemurphy/rack-jekyll.git
  revision: 0bd8153f5fc10b299c7de71c6c7fccf6fbafe974
  specs:
    rack-jekyll (0.3.5)
      jekyll
      rack

GEM
  remote: http://rubygems.org/
  specs:
    RedCloth (4.2.3)
    classifier (1.3.3)
      fast-stemmer (>= 1.0.0)
    directory_watcher (1.3.2)
    fast-stemmer (1.0.0)
    jekyll (0.7.0)
      classifier (>= 1.3.1)
      directory_watcher (>= 1.1.1)
      liquid (>= 1.9.0)
      maruku (>= 0.5.9)
    liquid (2.2.0)
    maruku (0.6.0)
      syntax (>= 1.0.0)
    rack (1.2.1)
    rack-rewrite (1.0.0)
    syntax (1.0.0)

PLATFORMS
  ruby

DEPENDENCIES
  RedCloth
  liquid (= 2.2.0)
  rack (= 1.2.1)
  rack-jekyll!
  rack-rewrite
